GEM
  remote: https://rubygems.org/
  specs:
    rake (10.2.2)
    sugarcube (3.0.3)

PLATFORMS
  ruby

DEPENDENCIES
  rake
  sugarcube
